PATH
  remote: .
  specs:
    lovely_rufus (0.1.1)

GEM
  remote: https://rubygems.org/
  specs:
    ast (1.1.0)
    bogus (0.1.4)
      dependor (>= 0.0.4)
    celluloid (0.15.2)
      timers (~> 1.1.0)
    celluloid-io (0.15.0)
      celluloid (>= 0.15.0)
      nio4r (>= 0.5.0)
    dependor (1.0.1)
    ffi (1.9.3)
    json (1.8.1)
    listen (2.7.1)
      celluloid (>= 0.15.2)
      celluloid-io (>= 0.15.0)
      rb-fsevent (>= 0.9.3)
      rb-inotify (>= 0.9)
    minitest (5.3.2)
    minitest-focus (1.1.0)
      minitest (>= 4, < 6)
    nio4r (1.0.0)
    parser (2.1.7)
      ast (~> 1.1)
      slop (~> 3.4, >= 3.4.5)
    powerpack (0.0.9)
    rainbow (2.0.0)
    rake (10.2.2)
    rb-fsevent (0.9.4)
    rb-inotify (0.9.3)
      ffi (>= 0.5.0)
    reek (1.3.7)
      rainbow
      ruby2ruby (~> 2.0.8)
      ruby_parser (~> 3.3)
      sexp_processor
    rerun (0.9.0)
      listen (~> 2.7)
    rubocop (0.20.1)
      json (>= 1.7.7, < 2)
      parser (~> 2.1.7)
      powerpack (~> 0.0.6)
      rainbow (>= 1.99.1, < 3.0)
      ruby-progressbar (~> 1.4)
    ruby-progressbar (1.4.2)
    ruby2ruby (2.0.8)
      ruby_parser (~> 3.1)
      sexp_processor (~> 4.0)
    ruby_parser (3.5.0)
      sexp_processor (~> 4.1)
    sexp_processor (4.4.3)
    slop (3.5.0)
    timers (1.1.0)

PLATFORMS
  ruby

DEPENDENCIES
  bogus (~> 0.1.4)
  lovely_rufus!
  minitest (~> 5.0)
  minitest-focus (~> 1.1)
  rake (~> 10.1)
  reek (~> 1.3)
  rerun (~> 0.9.0)
  rubocop (~> 0.20.0)
