PATH
  remote: .
  specs:
    lovely-rufus (0.0.3)

GEM
  remote: https://rubygems.org/
  specs:
    minitest (4.6.2)

PLATFORMS
  ruby

DEPENDENCIES
  lovely-rufus!
  minitest (~> 4.0)
