PATH
  remote: .
  specs:
    lovely_rufus (0.1.2)

GEM
  remote: https://rubygems.org/
  specs:
    ast (2.0.0)
    bogus (0.1.5)
      dependor (>= 0.0.4)
    celluloid (0.15.2)
      timers (~> 1.1.0)
    dependor (1.0.1)
    ffi (1.9.3)
    json (1.8.1)
    listen (2.7.9)
      celluloid (>= 0.15.2)
      rb-fsevent (>= 0.9.3)
      rb-inotify (>= 0.9)
    minitest (5.4.0)
    minitest-focus (1.1.0)
      minitest (>= 4, < 6)
    parser (2.2.0.pre.4)
      ast (>= 1.1, < 3.0)
      slop (~> 3.4, >= 3.4.5)
    powerpack (0.0.9)
    rainbow (2.0.0)
    rake (10.3.2)
    rb-fsevent (0.9.4)
    rb-inotify (0.9.5)
      ffi (>= 0.5.0)
    reek (1.3.8)
      rainbow (>= 1.99, < 3.0)
      ruby2ruby (>= 2.0.8, < 3.0)
      ruby_parser (~> 3.3)
      sexp_processor
    rerun (0.10.0)
      listen (~> 2.7, >= 2.7.3)
    rubocop (0.24.1)
      json (>= 1.7.7, < 2)
      parser (>= 2.2.0.pre.3, < 3.0)
      powerpack (~> 0.0.6)
      rainbow (>= 1.99.1, < 3.0)
      ruby-progressbar (~> 1.4)
    ruby-progressbar (1.5.1)
    ruby2ruby (2.1.1)
      ruby_parser (~> 3.1)
      sexp_processor (~> 4.0)
    ruby_parser (3.6.2)
      sexp_processor (~> 4.1)
    sexp_processor (4.4.4)
    slop (3.6.0)
    timers (1.1.0)

PLATFORMS
  ruby

DEPENDENCIES
  bogus (~> 0.1.4)
  lovely_rufus!
  minitest (~> 5.0)
  minitest-focus (~> 1.1)
  rake (~> 10.1)
  reek (~> 1.3)
  rerun (~> 0.10.0)
  rubocop (~> 0.24.0)
