PATH
  remote: .
  specs:
    lovely_rufus (0.1.0)

GEM
  remote: https://rubygems.org/
  specs:
    ast (1.1.0)
    bogus (0.1.4)
      dependor (>= 0.0.4)
    dependor (1.0.1)
    minitest (5.2.0)
    parser (2.1.1)
      ast (~> 1.1)
      slop (~> 3.4, >= 3.4.5)
    powerpack (0.0.9)
    rainbow (1.99.0)
    reek (1.3.5)
      ruby2ruby (~> 2.0.7)
      ruby_parser (~> 3.2)
      sexp_processor
    rubocop (0.15.0)
      parser (~> 2.0)
      powerpack (~> 0.0.6)
      rainbow (>= 1.1.4)
    ruby2ruby (2.0.7)
      ruby_parser (~> 3.1)
      sexp_processor (~> 4.0)
    ruby_parser (3.2.2)
      sexp_processor (~> 4.1)
    sexp_processor (4.4.1)
    slop (3.4.7)

PLATFORMS
  ruby

DEPENDENCIES
  bogus (~> 0.1.4)
  lovely_rufus!
  minitest (~> 5.0)
  reek (~> 1.3)
  rubocop (~> 0.15.0)
