PATH
  remote: .
  specs:
    lovely-rufus (0.0.3)

GEM
  remote: http://rubygems.org/
  specs:
    ffi (1.2.0)
    listen (0.6.0)
    minitest (4.3.1)
    rake (10.0.2)
    rb-inotify (0.8.8)
      ffi (>= 0.5.0)
    rerun (0.7.1)
      listen

PLATFORMS
  ruby

DEPENDENCIES
  bundler
  lovely-rufus!
  minitest (~> 4.0)
  rake
  rb-inotify
  rerun
