PATH
  remote: .
  specs:
    lovely-rufus (0.0.2)

GEM
  remote: http://rubygems.org/
  specs:
    minitest (3.2.0)
    rake (0.9.2.2)

PLATFORMS
  ruby

DEPENDENCIES
  bundler
  lovely-rufus!
  minitest (>= 2.3)
  rake
