PATH
  remote: .
  specs:
    lovely-rufus (0.0.3)

GEM
  remote: https://rubygems.org/
  specs:
    minitest (5.0.8)
    reek (1.3.4)
      ruby2ruby (~> 2.0.2)
      ruby_parser (~> 3.2)
      sexp_processor
    ruby2ruby (2.0.6)
      ruby_parser (~> 3.1)
      sexp_processor (~> 4.0)
    ruby_parser (3.2.2)
      sexp_processor (~> 4.1)
    sexp_processor (4.4.0)

PLATFORMS
  ruby

DEPENDENCIES
  lovely-rufus!
  minitest (~> 5.0)
  reek (~> 1.3)
