PATH
  remote: .
  specs:
    lovely-rufus (0.0.3)

GEM
  remote: https://rubygems.org/
  specs:
    minitest (5.0.8)

PLATFORMS
  ruby

DEPENDENCIES
  lovely-rufus!
  minitest (~> 5.0)
